GEM
  remote: https://rubygems.org/
  specs:
    chunky_png (1.2.9)
    compass (0.12.2)
      chunky_png (~> 1.2)
      fssm (>= 0.2.7)
      sass (~> 3.1)
    fssm (0.2.10)
    rake (10.1.1)
    safe_yaml (0.9.7)
    sass (3.2.13)

PLATFORMS
  ruby

DEPENDENCIES
  compass (~> 0.12.2)
  rake
  safe_yaml (~> 0.9.7)
  sass (~> 3.2.12)
